PATH
  remote: .
  specs:
    pagoda (0.2.0)
      crack
      iniparse
      json_pure
      rest-client

GEM
  remote: http://rubygems.org/
  specs:
    addressable (2.2.5)
    crack (0.1.8)
    diff-lcs (1.1.2)
    iniparse (1.1.4)
    json_pure (1.5.1)
    mime-types (1.16)
    rest-client (1.6.1)
      mime-types (>= 1.16)
    rspec (2.5.0)
      rspec-core (~> 2.5.0)
      rspec-expectations (~> 2.5.0)
      rspec-mocks (~> 2.5.0)
    rspec-core (2.5.1)
    rspec-expectations (2.5.0)
      diff-lcs (~> 1.1.2)
    rspec-mocks (2.5.0)
    webmock (1.6.2)
      addressable (>= 2.2.2)
      crack (>= 0.1.7)

PLATFORMS
  ruby

DEPENDENCIES
  crack
  iniparse
  json_pure
  pagoda!
  rest-client
  rspec
  webmock
